GEM
  remote: http://rubygems.org/
  specs:
    activesupport (3.1.0)
      multi_json (~> 1.0)
    addressable (2.2.6)
    archive-tar-minitar (0.5.2)
    bcrypt-ruby (3.0.1)
    chunky_png (1.2.1)
    coffee-script (2.2.0)
      coffee-script-source
      execjs
    coffee-script-source (1.1.2)
    columnize (0.3.4)
    compass (0.11.5)
      chunky_png (~> 1.2)
      fssm (>= 0.2.7)
      sass (~> 3.1)
    daemons (1.1.4)
    eventmachine (0.12.10)
    faraday (0.7.4)
      addressable (~> 2.2.6)
      multipart-post (~> 1.1.0)
      rack (>= 1.1.0, < 2)
    faraday-stack (0.1.3)
      faraday (~> 0.6)
    execjs (1.2.4)
      multi_json (~> 1.0)
    fleakr (0.7.1)
      hpricot (>= 0.6.164)
      loggable (>= 0.2.0)
    flickraw (0.8.4)
      json (>= 1.1.1)
    fssm (0.2.7)
    haml (3.1.2)
    i18n (0.6.0)
    linecache (0.46)
      rbx-require-relative (> 0.0.4)
      ruby_core_source (>= 0.1.4)
    multi_json (1.0.3)
    multipart-post (1.1.3)
    rack (1.3.2)
    rbx-require-relative (0.0.5)
    redcarpet (1.17.2)
    ruby-debug (0.10.4)
      columnize (>= 0.1)
      ruby-debug-base (~> 0.10.4.0)
    ruby-debug-base (0.10.4)
      linecache (>= 0.3)
      columnize (>= 0.3.1)
      ruby_core_source (>= 0.1.4)
      columnize (>= 0.3.1)
    ruby_core_source (0.1.5)
      archive-tar-minitar (>= 0.5.2)
    sass (3.1.7)
    sequel (3.27.0)
    shotgun (0.9)
      rack (>= 1.0)
    sinatra (1.2.6)
      rack (~> 1.1)
      tilt (< 2.0, >= 1.2.2)
    sqlite3 (1.3.4)
    therubyracer-heroku (0.8.1.pre3)
    thin (1.2.11)
      daemons (>= 1.0.9)
      eventmachine (>= 0.12.6)
      rack (>= 1.0.0)
    tilt (1.3.3)
    uglifier (1.0.3)
      execjs (>= 0.3.0)
      multi_json (>= 1.0.2)

PLATFORMS
  ruby

DEPENDENCIES
  activesupport
  bcrypt-ruby
  bluecloth
  coffee-script
  compass
  faraday-stack
  haml
  i18n
  redcarpet
  ruby-debug
  sass
  sequel
  shotgun
  sinatra
  sqlite3
  therubyracer-heroku (~> 0.8.1.pre3)
  thin
  uglifier
